GEM
  remote: https://rubygems.org/
  specs:
    addressable (2.3.8)
    commander (4.3.5)
      highline (~> 1.7.2)
    crack (0.4.2)
      safe_yaml (~> 1.0.0)
    faraday (0.9.2)
      multipart-post (>= 1.2, < 3)
    hashdiff (0.2.2)
    highline (1.7.8)
    json (1.8.3)
    koala (2.2.0)
      addressable
      faraday
      multi_json
    minitest (5.8.1)
    multi_json (1.11.2)
    multipart-post (2.0.0)
    rack (1.6.4)
    rack-protection (1.5.3)
      rack
    rack-test (0.6.3)
      rack (>= 1.0)
    rake (10.4.2)
    safe_yaml (1.0.4)
    secondHandler (0.0.3)
      commander
      koala
    sinatra (1.4.6)
      rack (~> 1.4)
      rack-protection (~> 1.4)
      tilt (>= 1.3, < 3)
    tilt (2.0.1)
    vcr (2.9.3)
    webmock (1.22.1)
      addressable (>= 2.3.6)
      crack (>= 0.3.2)
      hashdiff

PLATFORMS
  ruby

DEPENDENCIES
  json
  minitest
  rack
  rack-test
  rake
  secondHandler
  sinatra
  vcr
  webmock
